GEM
  remote: https://rubygems.org/
  specs:
    activemodel (5.1.4)
      activesupport (= 5.1.4)
    activerecord (5.1.4)
      activemodel (= 5.1.4)
      activesupport (= 5.1.4)
      arel (~> 8.0)
    activesupport (5.1.4)
      concurrent-ruby (~> 1.0, >= 1.0.2)
      i18n (~> 0.7)
      minitest (~> 5.1)
      tzinfo (~> 1.1)
    arel (8.0.0)
    backports (3.6.8)
    coderay (1.1.2)
    concurrent-ruby (1.0.5)
    debugger-ruby_core_source (1.3.8)
    foreman (0.78.0)
      thor (~> 0.19.1)
    i18n (0.9.0)
      concurrent-ruby (~> 1.0)
    kgio (2.10.0)
    memcache-client (1.8.5)
    method_source (0.9.0)
    minitest (5.10.3)
    multi_json (1.11.2)
    mysql2 (0.4.4)
    pry (0.11.1)
      coderay (~> 1.1.0)
      method_source (~> 0.9.0)
    rack (1.6.4)
    rack-flash3 (1.0.5)
      rack
    rack-lineprof (0.0.3)
      rack (~> 1.5)
      rblineprof (~> 0.3.6)
      term-ansicolor (~> 1.3)
    rack-mini-profiler (0.10.5)
      rack (>= 1.2.0)
    rack-protection (1.5.3)
      rack
    rack-test (0.6.3)
      rack (>= 1.0)
    raindrops (0.16.0)
    rake (12.1.0)
    rblineprof (0.3.7)
      debugger-ruby_core_source (~> 1.3)
    redis (4.0.1)
    sinatra (1.4.7)
      rack (~> 1.5)
      rack-protection (~> 1.4)
      tilt (>= 1.3, < 3)
    sinatra-contrib (1.4.6)
      backports (>= 2.0)
      multi_json
      rack-protection
      rack-test
      sinatra (~> 1.4.0)
      tilt (>= 1.3, < 3)
    sinatra-rake-routes (0.0.4)
      rake
    term-ansicolor (1.6.0)
      tins (~> 1.0)
    thor (0.19.1)
    thread_safe (0.3.6)
    tilt (2.0.2)
    tins (1.15.0)
    tzinfo (1.2.3)
      thread_safe (~> 0.1)
    unicorn (5.0.1)
      kgio (~> 2.6)
      rack
      raindrops (~> 0.7)

PLATFORMS
  ruby

DEPENDENCIES
  activerecord
  foreman
  memcache-client
  mysql2
  pry
  rack-flash3
  rack-lineprof
  rack-mini-profiler
  redis
  sinatra
  sinatra-contrib
  sinatra-rake-routes
  unicorn

BUNDLED WITH
   1.15.4
